PATH
  remote: ../thumper
  specs:
    thumper (0.0.1)
      bunny

GEM
  specs:
    amq-protocol (1.9.0)
    backports (3.3.5)
    bcrypt-ruby (3.1.2)
    bunny (1.0.5)
      amq-protocol (>= 1.9.0)
    haml (4.0.4)
      tilt
    multi_json (1.7.9)
    pg (0.17.0)
    puma (2.6.0)
      rack (>= 1.1, < 2.0)
    rack (1.5.2)
    rack-protection (1.5.1)
      rack
    rack-test (0.6.2)
      rack (>= 1.0)
    sequel (4.5.0)
    sinatra (1.4.4)
      rack (~> 1.4)
      rack-protection (~> 1.4)
      tilt (~> 1.3, >= 1.3.4)
    sinatra-contrib (1.4.1)
      backports (>= 2.0)
      multi_json
      rack-protection
      rack-test
      sinatra (~> 1.4.0)
      tilt (~> 1.3)
    sinatra-flash (0.3.0)
      sinatra (>= 1.0.0)
    tilt (1.4.1)

PLATFORMS
  ruby

DEPENDENCIES
  bcrypt-ruby
  haml
  pg
  puma
  sequel
  sinatra
  sinatra-contrib
  sinatra-flash
  thumper!
