GEM
  remote: https://rubygems.org/
  specs:
    amq-protocol (2.3.0)
    aws-sdk-v1 (1.67.0)
      json (~> 1.4)
      nokogiri (~> 1)
    bcrypt (3.1.13)
    bunny (2.14.2)
      amq-protocol (~> 2.3, >= 2.3.0)
    haml (5.1.2)
      temple (>= 0.8.0)
      tilt
    json (1.8.6)
    mail (2.7.1)
      mini_mime (>= 0.1.1)
    mini_magick (4.9.5)
    mini_mime (1.0.2)
    mini_portile2 (2.4.0)
    mustermann (1.0.3)
    nio4r (2.4.0)
    nokogiri (1.10.4)
      mini_portile2 (~> 2.4.0)
    pg (1.1.4)
    puma (4.1.0)
      nio4r (~> 2.0)
    rack (2.0.7)
    rack-flash3 (1.0.5)
      rack
    rack-protection (2.0.7)
      rack
    rack-ssl-enforcer (0.2.9)
    sequel (5.23.0)
    sequel_pg (1.12.2)
      pg (>= 0.18.0)
      sequel (>= 4.38.0)
    sinatra (2.0.7)
      mustermann (~> 1.0)
      rack (~> 2.0)
      rack-protection (= 2.0.7)
      tilt (~> 2.0)
    temple (0.8.1)
    tilt (2.0.9)

PLATFORMS
  ruby

DEPENDENCIES
  aws-sdk-v1
  bcrypt
  bunny
  haml
  mail
  mini_magick
  puma
  rack-flash3
  rack-ssl-enforcer
  sequel
  sequel_pg
  sinatra

RUBY VERSION
   ruby 2.5.1p57

BUNDLED WITH
   1.16.6
