GEM
  remote: https://rubygems.org/
  specs:
    amq-protocol (2.0.1)
    aws-sdk-v1 (1.66.0)
      json (~> 1.4)
      nokogiri (>= 1.4.4)
    bunny (2.2.2)
      amq-protocol (>= 2.0.1)
    haml (4.0.7)
      tilt
    json (1.8.3)
    mail (2.6.3)
      mime-types (>= 1.16, < 3)
    mime-types (2.99)
    mini_magick (4.3.6)
    mini_portile2 (2.0.0)
    nokogiri (1.6.7.1)
      mini_portile2 (~> 2.0.0.rc2)
    pg (0.18.4)
    puma (2.15.3)
    rack (1.6.4)
    rack-protection (1.5.3)
      rack
    rack-ssl-enforcer (0.2.9)
    sequel (4.30.0)
    sequel_pg (1.6.13)
      pg (>= 0.8.0)
      sequel (>= 3.39.0)
    sinatra (1.4.6)
      rack (~> 1.4)
      rack-protection (~> 1.4)
      tilt (>= 1.3, < 3)
    sinatra-flash (0.3.0)
      sinatra (>= 1.0.0)
    tilt (2.0.2)

PLATFORMS
  ruby

DEPENDENCIES
  aws-sdk-v1
  bunny
  haml
  mail
  mini_magick
  puma
  rack-ssl-enforcer
  sequel
  sequel_pg
  sinatra
  sinatra-flash

BUNDLED WITH
   1.11.2
