GEM
  remote: https://rubygems.org/
  specs:
    amq-protocol (2.0.0)
    aws-sdk-v1 (1.66.0)
      json (~> 1.4)
      nokogiri (>= 1.4.4)
    backports (3.6.7)
    bcrypt (3.1.10)
    bunny (2.2.1)
      amq-protocol (>= 2.0.0)
    haml (4.0.7)
      tilt
    json (1.8.3)
    mail (2.6.3)
      mime-types (>= 1.16, < 3)
    mime-types (2.6.2)
    mini_magick (4.3.6)
    mini_portile (0.6.2)
    multi_json (1.11.2)
    nokogiri (1.6.6.3)
      mini_portile (~> 0.6.0)
    pg (0.18.4)
    puma (2.15.3)
    rack (1.6.4)
    rack-protection (1.5.3)
      rack
    rack-ssl-enforcer (0.2.9)
    rack-test (0.6.3)
      rack (>= 1.0)
    sequel (4.28.0)
    sequel_pg (1.6.13)
      pg (>= 0.8.0)
      sequel (>= 3.39.0)
    sinatra (1.4.6)
      rack (~> 1.4)
      rack-protection (~> 1.4)
      tilt (>= 1.3, < 3)
    sinatra-contrib (1.4.6)
      backports (>= 2.0)
      multi_json
      rack-protection
      rack-test
      sinatra (~> 1.4.0)
      tilt (>= 1.3, < 3)
    sinatra-flash (0.3.0)
      sinatra (>= 1.0.0)
    tilt (2.0.1)

PLATFORMS
  ruby

DEPENDENCIES
  aws-sdk-v1
  bcrypt
  bunny
  haml
  mail
  mini_magick
  puma
  rack-ssl-enforcer
  sequel
  sequel_pg
  sinatra
  sinatra-contrib
  sinatra-flash

BUNDLED WITH
   1.10.6
