GEM
  remote: https://rubygems.org/
  specs:
    amq-protocol (2.0.1)
    aws-sdk-v1 (1.66.0)
      json (~> 1.4)
      nokogiri (>= 1.4.4)
    bunny (2.5.1)
      amq-protocol (>= 2.0.1)
    haml (4.0.7)
      tilt
    json (1.8.3)
    mail (2.6.4)
      mime-types (>= 1.16, < 4)
    mime-types (3.1)
      mime-types-data (~> 3.2015)
    mime-types-data (3.2016.0521)
    mini_magick (4.5.1)
    mini_portile2 (2.1.0)
    nokogiri (1.6.8)
      mini_portile2 (~> 2.1.0)
      pkg-config (~> 1.1.7)
    pg (0.18.4)
    pkg-config (1.1.7)
    puma (3.6.0)
    rack (1.6.4)
    rack-protection (1.5.3)
      rack
    rack-ssl-enforcer (0.2.9)
    sequel (4.37.0)
    sequel_pg (1.6.17)
      pg (>= 0.8.0)
      sequel (>= 4.0.0)
    sinatra (1.4.7)
      rack (~> 1.5)
      rack-protection (~> 1.4)
      tilt (>= 1.3, < 3)
    sinatra-flash (0.3.0)
      sinatra (>= 1.0.0)
    tilt (2.0.5)

PLATFORMS
  ruby

DEPENDENCIES
  aws-sdk-v1
  bunny
  haml
  mail
  mini_magick
  puma
  rack-ssl-enforcer
  sequel
  sequel_pg
  sinatra
  sinatra-flash

RUBY VERSION
   ruby 2.3.1p112

BUNDLED WITH
   1.12.3
